PATH
  remote: .
  specs:
    cb2 (0.0.3)
      redis (~> 4)

GEM
  remote: http://rubygems.org/
  specs:
    coderay (1.1.3)
    diff-lcs (1.2.5)
    method_source (1.0.0)
    minitest (5.14.3)
    pry (0.13.1)
      coderay (~> 1.1)
      method_source (~> 1.0)
    rake (10.3.2)
    redis (4.2.5)
    rr (1.1.2)
    rspec (3.1.0)
      rspec-core (~> 3.1.0)
      rspec-expectations (~> 3.1.0)
      rspec-mocks (~> 3.1.0)
    rspec-core (3.1.7)
      rspec-support (~> 3.1.0)
    rspec-expectations (3.1.2)
      diff-lcs (>= 1.2.0, < 2.0)
      rspec-support (~> 3.1.0)
    rspec-mocks (3.1.3)
      rspec-support (~> 3.1.0)
    rspec-support (3.1.2)
    timecop (0.7.1)

PLATFORMS
  ruby

DEPENDENCIES
  cb2!
  minitest
  pry
  rake (> 0)
  rr (~> 1.1)
  rspec (~> 3.1)
  timecop (~> 0.7)

BUNDLED WITH
   2.1.4
